GIT
  remote: git@github.com:olegshevtsov1/my_codebreaker.git
  revision: d7016c7bdf5fd81486a6659d59cb617d62d22601
  branch: develop
  specs:
    codebreaker_os (0.1.0)

GEM
  remote: https://rubygems.org/
  specs:
    ast (2.4.1)
    childprocess (3.0.0)
    coderay (1.1.3)
    colorize (0.8.1)
    concurrent-ruby (1.1.6)
    diff-lcs (1.3)
    docile (1.3.2)
    faker (2.13.0)
      i18n (>= 1.6, < 2)
    fasterer (0.8.3)
      colorize (~> 0.7)
      ruby_parser (>= 3.14.1)
    i18n (1.8.3)
      concurrent-ruby (~> 1.0)
    iniparse (1.5.0)
    method_source (1.0.0)
    overcommit (0.53.0)
      childprocess (>= 0.6.3, < 4)
      iniparse (~> 1.4)
    parallel (1.19.2)
    parser (2.7.1.4)
      ast (~> 2.4.1)
    pry (0.13.1)
      coderay (~> 1.1)
      method_source (~> 1.0)
    rainbow (3.0.0)
    regexp_parser (1.7.1)
    rexml (3.2.4)
    rspec (3.9.0)
      rspec-core (~> 3.9.0)
      rspec-expectations (~> 3.9.0)
      rspec-mocks (~> 3.9.0)
    rspec-core (3.9.2)
      rspec-support (~> 3.9.3)
    rspec-expectations (3.9.2)
      diff-lcs (>= 1.2.0, < 2.0)
      rspec-support (~> 3.9.0)
    rspec-mocks (3.9.1)
      diff-lcs (>= 1.2.0, < 2.0)
      rspec-support (~> 3.9.0)
    rspec-support (3.9.3)
    rspec_junit_formatter (0.4.1)
      rspec-core (>= 2, < 4, != 2.12.0)
    rubocop (0.87.1)
      parallel (~> 1.10)
      parser (>= 2.7.1.1)
      rainbow (>= 2.2.2, < 4.0)
      regexp_parser (>= 1.7)
      rexml
      rubocop-ast (>= 0.1.0, < 1.0)
      ruby-progressbar (~> 1.7)
      unicode-display_width (>= 1.4.0, < 2.0)
    rubocop-ast (0.1.0)
      parser (>= 2.7.0.1)
    rubocop-rspec (1.42.0)
      rubocop (>= 0.87.0)
    ruby-progressbar (1.10.1)
    ruby_parser (3.14.2)
      sexp_processor (~> 4.9)
    sexp_processor (4.15.0)
    simplecov (0.18.5)
      docile (~> 1.1)
      simplecov-html (~> 0.11)
    simplecov-html (0.12.2)
    table_print (1.5.7)
    unicode-display_width (1.7.0)

PLATFORMS
  ruby

DEPENDENCIES
  codebreaker_os!
  faker (~> 2.13)
  fasterer (~> 0.8.3)
  i18n (~> 1.8, >= 1.8.3)
  overcommit (~> 0.53.0)
  pry
  rspec (~> 3.9)
  rspec_junit_formatter (~> 0.4.1)
  rubocop (~> 0.87.1)
  rubocop-rspec (~> 1.42)
  simplecov (~> 0.18.5)
  table_print (~> 1.5, >= 1.5.7)

BUNDLED WITH
   2.1.4
